GEM
  remote: http://rubygems.org/
  specs:
    builder (3.2.4)
    childprocess (3.0.0)
    coderay (1.1.3)
    cucumber (7.0.0)
      builder (~> 3.2, >= 3.2.4)
      cucumber-core (~> 10.0, >= 10.0.1)
      cucumber-create-meta (~> 6.0, >= 6.0.1)
      cucumber-cucumber-expressions (~> 12.1, >= 12.1.1)
      cucumber-gherkin (~> 20.0, >= 20.0.1)
      cucumber-html-formatter (~> 16.0, >= 16.0.1)
      cucumber-messages (~> 17.0, >= 17.0.1)
      cucumber-wire (~> 6.0, >= 6.0.1)
      diff-lcs (~> 1.4, >= 1.4.4)
      mime-types (~> 3.3, >= 3.3.1)
      multi_test (~> 0.1, >= 0.1.2)
      sys-uname (~> 1.2, >= 1.2.2)
    cucumber-core (10.0.1)
      cucumber-gherkin (~> 20.0, >= 20.0.1)
      cucumber-messages (~> 17.0, >= 17.0.1)
      cucumber-tag-expressions (~> 3.0, >= 3.0.1)
    cucumber-create-meta (6.0.1)
      cucumber-messages (~> 17.0, >= 17.0.1)
      sys-uname (~> 1.2, >= 1.2.2)
    cucumber-cucumber-expressions (12.1.3)
    cucumber-gherkin (20.0.1)
      cucumber-messages (~> 17.0, >= 17.0.1)
    cucumber-html-formatter (16.0.1)
      cucumber-messages (~> 17.0, >= 17.0.1)
    cucumber-messages (17.1.1)
    cucumber-tag-expressions (3.0.1)
    cucumber-wire (6.1.1)
      cucumber-core (~> 10.0, >= 10.0.1)
      cucumber-cucumber-expressions (~> 12.1, >= 12.1.2)
      cucumber-messages (~> 17.0, >= 17.0.1)
    diff-lcs (1.4.4)
    ffi (1.15.4-x64-mingw32)
    method_source (1.0.0)
    mime-types (3.3.1)
      mime-types-data (~> 3.2015)
    mime-types-data (3.2021.0901)
    multi_test (0.1.2)
    pry (0.14.1)
      coderay (~> 1.1)
      method_source (~> 1.0)
    require_all (3.0.0)
    rubyzip (2.3.2)
    selenium-webdriver (3.142.7)
      childprocess (>= 0.5, < 4.0)
      rubyzip (>= 1.2.2)
    sys-uname (1.2.2)
      ffi (~> 1.1)

PLATFORMS
  x64-mingw32

DEPENDENCIES
  cucumber
  pry
  require_all
  selenium-webdriver

BUNDLED WITH
   2.2.28
